GEM
  remote: http://rubygems.org/
  specs:
    activesupport (3.2.13)
      i18n (= 0.6.1)
      multi_json (~> 1.0)
    builder (3.2.0)
    dalli (2.6.2)
    i18n (0.6.1)
    markaby (0.7.2)
      builder (>= 2.0.0)
    multi_json (1.7.3)
    rack (1.5.2)
    rack-protection (1.3.2)
      rack
    sinatra (1.3.4)
      rack (~> 1.4)
      rack-protection (~> 1.3)
      tilt (~> 1.3, >= 1.3.3)
    tilt (1.3.3)

PLATFORMS
  ruby

DEPENDENCIES
  activesupport (= 3.2.13)
  dalli
  markaby
  rack
  sinatra
